GEM
  remote: https://rubygems.org/
  specs:
    dotenv (2.8.1)
    pg (1.4.3)
    sequel (5.59.0)

PLATFORMS
  x86_64-darwin-21

DEPENDENCIES
  dotenv
  pg
  sequel

BUNDLED WITH
   2.3.7
