GEM
  remote: https://rubygems.org/
  specs:
    coderay (1.1.3)
    dotenv (2.8.1)
    jwt (2.4.1)
    method_source (1.0.0)
    pg (1.4.3)
    pry (0.14.1)
      coderay (~> 1.1)
      method_source (~> 1.0)
    sequel (5.59.0)

PLATFORMS
  x86_64-darwin-21

DEPENDENCIES
  dotenv
  jwt
  pg
  pry
  sequel

BUNDLED WITH
   2.3.7
