GEM
  remote: https://rubygems.org/
  specs:
    sequel (5.59.0)
    sqlite3 (1.4.4)

PLATFORMS
  x86_64-darwin-21

DEPENDENCIES
  sequel
  sqlite3 (~> 1.3, >= 1.3.11)

BUNDLED WITH
   2.3.7
